GEM
  remote: https://rubygems.org/
  specs:
    activemodel (4.1.6)
      activesupport (= 4.1.6)
      builder (~> 3.1)
    activesupport (4.1.6)
      i18n (~> 0.6, >= 0.6.9)
      json (~> 1.7, >= 1.7.7)
      minitest (~> 5.1)
      thread_safe (~> 0.1)
      tzinfo (~> 1.1)
    bson (2.3.0)
    builder (3.2.2)
    connection_pool (2.0.0)
    eventmachine (1.0.3)
    faye-websocket (0.7.4)
      eventmachine (>= 0.12.0)
      websocket-driver (>= 0.3.1)
    i18n (0.6.11)
    json (1.8.1)
    minitest (5.4.1)
    mongoid (4.0.0)
      activemodel (~> 4.0)
      moped (~> 2.0.0)
      origin (~> 2.1)
      tzinfo (>= 0.3.37)
    mono_logger (1.1.0)
    moped (2.0.0)
      bson (~> 2.2)
      connection_pool (~> 2.0)
      optionable (~> 0.2.0)
    multi_json (1.10.1)
    optionable (0.2.0)
    origin (2.1.1)
    puma (2.9.1)
      rack (>= 1.1, < 2.0)
    rack (1.5.2)
    rack-protection (1.5.3)
      rack
    rake (10.1.0)
    redis (3.1.0)
    redis-namespace (1.5.1)
      redis (~> 3.0, >= 3.0.4)
    resque (1.25.2)
      mono_logger (~> 1.0)
      multi_json (~> 1.0)
      redis-namespace (~> 1.3)
      sinatra (>= 0.9.2)
      vegas (~> 0.1.2)
    sinatra (1.4.5)
      rack (~> 1.4)
      rack-protection (~> 1.4)
      tilt (~> 1.3, >= 1.3.4)
    sinatra-redis (0.3.0)
      redis
      sinatra (>= 0.9.4)
    thread_safe (0.3.4)
    tilt (1.4.1)
    tzinfo (1.2.2)
      thread_safe (~> 0.1)
    vegas (0.1.11)
      rack (>= 1.0.0)
    websocket-driver (0.3.4)

PLATFORMS
  ruby

DEPENDENCIES
  faye-websocket
  mongoid (~> 4.0.0)
  puma
  rake
  redis
  resque
  sinatra
  sinatra-redis
